GEM
  remote: https://rubygems.org/
  specs:
    diff-lcs (1.1.3)
    json (1.7.3)
    json (1.7.3-java)
    multi_json (1.3.6)
    rake (0.9.2.2)
    rspec (2.11.0)
      rspec-core (~> 2.11.0)
      rspec-expectations (~> 2.11.0)
      rspec-mocks (~> 2.11.0)
    rspec-core (2.11.0)
    rspec-expectations (2.11.1)
      diff-lcs (~> 1.1.3)
    rspec-mocks (2.11.1)
    simplecov (0.6.4)
      multi_json (~> 1.0)
      simplecov-html (~> 0.5.3)
    simplecov-html (0.5.3)

PLATFORMS
  java
  ruby
  x86-mingw32

DEPENDENCIES
  json
  rake
  rspec (~> 2.10)
  simplecov
